PATH
  remote: .
  specs:
    prenus (0.0.13)
      nokogiri (~> 1.15, >= 1.15.2)
      rainbow (~> 3.1, >= 3.1.1)

GEM
  remote: https://rubygems.org/
  specs:
    nokogiri (1.15.2-x86_64-linux)
      racc (~> 1.4)
    racc (1.6.2)
    rainbow (3.1.1)

PLATFORMS
  x86_64-linux

DEPENDENCIES
  prenus!

BUNDLED WITH
   2.4.7
